GEM
  remote: http://rubygems.org/
  specs:
    activesupport (3.2.0)
      i18n (~> 0.6)
      multi_json (~> 1.0)
    arrayfields (4.9.0)
    awesome_print (1.2.0)
    builder (3.0.4)
    cane (2.6.1)
      parallel
    childprocess (0.4.0)
      ffi (~> 1.0, >= 1.0.11)
    chronic (0.10.2)
    chunky_png (1.2.9)
    churn (0.0.35)
      chronic (>= 0.2.3)
      hirb
      json_pure
      main
      rest-client (>= 1.6.0)
      ruby_parser (~> 3.0)
      sexp_processor (~> 4.1)
    code_analyzer (0.4.4)
      sexp_processor
    code_metrics (0.1.3)
    coderay (1.1.0)
    colored (1.2)
    commonwatir (4.0.0)
    cucumber (1.3.4)
      builder (>= 2.1.2)
      diff-lcs (>= 1.1.3)
      gherkin (~> 2.12.0)
      multi_json (~> 1.7.5)
      multi_test (~> 0.0.1)
    cuke_sniffer (0.0.7)
      roxml
    data_magic (0.16.1)
      faker (>= 1.1.2)
      yml_reader (>= 0.2)
    debugger-ruby_core_source (1.3.1)
    diff-lcs (1.2.5)
    erubis (2.7.0)
    facets (2.9.3)
    faker (1.2.0)
      i18n (~> 0.5)
    fattr (2.2.1)
    ffi (1.9.3)
    ffi (1.9.3-x86-mingw32)
    flay (2.4.0)
      ruby_parser (~> 3.0)
      sexp_processor (~> 4.0)
    flog (4.2.0)
      ruby_parser (~> 3.1, > 3.1.0)
      sexp_processor (~> 4.4)
    gherkin (2.12.2)
      multi_json (~> 1.3)
    gherkin (2.12.2-x86-mingw32)
      multi_json (~> 1.3)
    hirb (0.7.1)
    hoe (3.7.4)
      rake (>= 0.8, < 11.0)
    httparty (0.11.0)
      multi_json (~> 1.0)
      multi_xml (>= 0.5.2)
    i18n (0.6.9)
    json (1.4.6)
    json_pure (1.8.1)
    main (5.2.0)
      arrayfields (>= 4.7.4)
      chronic (>= 0.6.2)
      fattr (>= 2.2.0)
      map (>= 5.1.0)
    map (6.5.1)
    metric_fu (4.6.0)
      cane (~> 2.5, >= 2.5.2)
      churn (~> 0.0.28)
      code_metrics (~> 0.1)
      coderay
      flay (~> 2.1, >= 2.0.1)
      flog (~> 4.1, >= 4.1.1)
      metric_fu-Saikuro (>= 1.1.1.0)
      multi_json
      rails_best_practices (~> 1.14, >= 1.14.3)
      redcard
      reek (~> 1.3, >= 1.3.4)
      roodi (~> 3.1)
    metric_fu-Saikuro (1.1.1.0)
    mime-types (2.0)
    mini_magick (3.5.0)
      subexec (~> 0.2.1)
    mini_portile (0.5.2)
    multi_json (1.7.9)
    multi_test (0.0.3)
    multi_xml (0.5.5)
    nokogiri (1.6.1)
      mini_portile (~> 0.5.0)
    nokogiri (1.6.1-x86-mingw32)
      mini_portile (~> 0.5.0)
    open4 (1.3.0)
    open5 (0.2)
      open4
    page-object (0.9.4)
      page_navigation (>= 0.8)
      selenium-webdriver (>= 2.37.0)
      watir-webdriver (>= 0.6.4)
    page_navigation (0.9)
      data_magic (>= 0.14)
    parallel (0.9.2)
    rack (1.5.2)
    rack-protection (1.5.2)
      rack
    rails_best_practices (1.14.4)
      activesupport
      awesome_print
      code_analyzer (>= 0.4.3)
      colored
      erubis
      i18n
      require_all
      ruby-progressbar
    rake (10.1.1)
    rautomation (0.13.0)
      ffi
    redcard (1.1.0)
    reek (1.3.6)
      ruby2ruby (~> 2.0.7)
      ruby_parser (~> 3.2)
      sexp_processor
    require_all (1.3.2)
    rest-client (1.6.7)
      mime-types (>= 1.16)
    roodi (3.3.1)
      ruby_parser (~> 3.2, >= 3.2.2)
    roxml (3.3.1)
      activesupport (>= 2.3.0)
      nokogiri (>= 1.3.3)
    rspec (2.14.1)
      rspec-core (~> 2.14.0)
      rspec-expectations (~> 2.14.0)
      rspec-mocks (~> 2.14.0)
    rspec-core (2.14.7)
    rspec-expectations (2.14.4)
      diff-lcs (>= 1.1.3, < 2.0)
    rspec-mocks (2.14.4)
    ruby-debug-base19x (0.11.30.pre15)
      debugger-ruby_core_source (> 0)
      rake (>= 0.8.1)
    ruby-debug-ide (0.4.22)
      rake (>= 0.8.1)
    ruby-progressbar (1.4.0)
    ruby2ruby (2.0.7)
      ruby_parser (~> 3.1)
      sexp_processor (~> 4.0)
    ruby_parser (3.3.0)
      sexp_processor (~> 4.1)
    rubyzip (1.1.0)
    s4t-utils (1.0.4)
      hoe (>= 1.3.0)
    selenium-webdriver (2.39.0)
      childprocess (>= 0.2.5)
      multi_json (~> 1.0)
      rubyzip (~> 1.0)
      websocket (~> 1.0.4)
    sexp_processor (4.4.1)
    sim_launcher (0.4.8.pre1)
      sinatra
    sinatra (1.4.4)
      rack (~> 1.4)
      rack-protection (~> 1.4)
      tilt (~> 1.3, >= 1.3.4)
    soap4r-ruby1.9 (2.0.5)
    subexec (0.2.3)
    tilt (1.4.1)
    tlb-core (0.3.3)
      open5 (>= 0.2)
      rake
    tlb-cucumber (0.3.3)
      cucumber (>= 0.10.2)
      rake
      tlb-core (= 0.3.3)
    user-choices (1.1.6.1)
      builder (>= 2.1.2)
      s4t-utils (>= 1.0.3)
      xml-simple (>= 1.0.11)
    watir (4.0.2)
      commonwatir (~> 4)
      watir-webdriver
    watir (4.0.2-x86-mingw32)
      commonwatir (~> 4)
      watir-classic (~> 3.2)
      watir-webdriver
    watir-classic (3.7.0)
      ffi (~> 1.0)
      multi_json
      nokogiri (>= 1.5.7.rc3)
      rautomation (~> 0.7)
      user-choices
      win32-process (>= 0.5.5)
      win32screenshot
      windows-pr (>= 0.6.6)
    watir-webdriver (0.6.4)
      selenium-webdriver (>= 2.18.0)
    webdriver-user-agent (6.6.6)
      facets
      json
      selenium-webdriver
    websocket (1.0.7)
    win32-api (1.4.8-x86-mingw32)
    win32-open3-19 (0.0.2)
    win32-process (0.6.6)
      windows-pr (>= 1.2.2)
    win32screenshot (1.0.10)
      ffi (~> 1.0)
      mini_magick (~> 3.5.0)
      rautomation (~> 0.7)
    windows-api (0.4.2)
      win32-api (>= 1.4.5)
    windows-pr (1.2.2)
      win32-api (>= 1.4.5)
      windows-api (>= 0.3.0)
    xml-simple (1.1.1)
    yml_reader (0.2)

PLATFORMS
  ruby
  x86-mingw32

DEPENDENCIES
  activesupport (= 3.2.0)
  chronic
  chunky_png
  cucumber (= 1.3.4)
  cuke_sniffer
  ffi (>= 1.1.5)
  httparty
  json (= 1.4.6)
  metric_fu (= 4.6.0)
  mini_magick (= 3.5)
  nokogiri
  open5 (= 0.2)
  page-object
  rspec
  ruby-debug-base19x (>= 0.11.30.pre)
  ruby-debug-ide
  selenium-webdriver (>= 2.21.2)
  sim_launcher (= 0.4.8.pre1)
  soap4r-ruby1.9
  tlb-cucumber
  watir (~> 4.0)
  webdriver-user-agent (= 6.6.6)
  win32-open3-19 (= 0.0.2)
  xml-simple (= 1.1.1)
